GEM
  remote: https://rubygems.org/
  specs:
    base64 (0.2.0)
    dotenv (3.1.0)
    rexml (3.2.6)
    rubyzip (2.3.2)
    selenium-webdriver (4.19.0)
      base64 (~> 0.2)
      rexml (~> 3.2, >= 3.2.5)
      rubyzip (>= 1.2.2, < 3.0)
      websocket (~> 1.0)
    websocket (1.2.10)

PLATFORMS
  arm64-darwin-23
  ruby

DEPENDENCIES
  dotenv
  selenium-webdriver

RUBY VERSION
   ruby 3.3.6p108

BUNDLED WITH
   2.5.6
